GEM
  remote: http://rubygems.org/
  specs:
    archive-tar-minitar (0.5.2)
    builder (3.0.0)
    columnize (0.3.5)
    cucumber (0.10.7)
      builder (>= 2.1.2)
      diff-lcs (>= 1.1.2)
      gherkin (~> 2.4.0)
      json (>= 1.4.6)
      term-ansicolor (>= 1.0.5)
    diff-lcs (1.1.3)
    flexmock (0.9.0)
    gherkin (2.4.21)
      json (>= 1.4.6)
    json (1.6.3)
    linecache (0.46)
      rbx-require-relative (> 0.0.4)
    linecache19 (0.5.12)
      ruby_core_source (>= 0.1.4)
    mime-types (1.17.2)
    rake (0.9.2.2)
    rbx-require-relative (0.0.5)
    rest-client (1.6.7)
      mime-types (>= 1.16)
    rspec (1.3.2)
    ruby-debug (0.10.4)
      columnize (>= 0.1)
      ruby-debug-base (~> 0.10.4.0)
    ruby-debug-base (0.10.4)
      linecache (>= 0.3)
    ruby-debug-base19 (0.11.25)
      columnize (>= 0.3.1)
      linecache19 (>= 0.5.11)
      ruby_core_source (>= 0.1.4)
    ruby-debug19 (0.11.6)
      columnize (>= 0.3.1)
      linecache19 (>= 0.5.11)
      ruby-debug-base19 (>= 0.11.19)
    ruby_core_source (0.1.5)
      archive-tar-minitar (>= 0.5.2)
    term-ansicolor (1.0.7)

PLATFORMS
  ruby

DEPENDENCIES
  cucumber (~> 0.8)
  flexmock (~> 0.8)
  rake (>= 0.8.7)
  rest-client
  rspec (~> 1.3)
  ruby-debug (>= 0.10)
  ruby-debug19 (>= 0.11.6)
